GEM
  remote: http://rubygems.org/
  specs:
    fastercsv (1.5.4)
    googlecharts (1.6.1)
    json (1.5.1)
    mime-types (1.16)
    rack (1.2.2)
    rest-client (1.6.1)
      mime-types (>= 1.16)
    sinatra (1.2.1)
      rack (~> 1.1)
      tilt (>= 1.2.2, < 2.0)
    tilt (1.2.2)

PLATFORMS
  ruby

DEPENDENCIES
  fastercsv
  googlecharts
  json
  rest-client
  sinatra
