GIT
  remote: git://github.com/archiloque/rest-client.git
  revision: 8cba835c9b5c4a2d99eb43b2e87bbbeee0bccb9a
  specs:
    rest-client (1.6.1)
      mime-types (>= 1.16)

PATH
  remote: vendor/private_gems/googlecharts
  specs:
    googlecharts (1.6.1)

GEM
  remote: http://rubygems.org/
  specs:
    fastercsv (1.5.3)
    json (1.4.6)
    mime-types (1.16)
    rack (1.2.1)
    sinatra (0.9.2)
      rack (>= 0.9.1)

PLATFORMS
  ruby

DEPENDENCIES
  fastercsv
  googlecharts!
  json
  rest-client!
  sinatra
